GEM
  remote: https://rubygems.org/
  specs:
    ast (2.4.1)
    childprocess (4.0.0)
    coderay (1.1.3)
    iniparse (1.5.0)
    lazy_priority_queue (0.1.1)
    method_source (1.0.0)
    overcommit (0.57.0)
      childprocess (>= 0.6.3, < 5)
      iniparse (~> 1.4)
    parallel (1.20.1)
    parser (2.7.2.0)
      ast (~> 2.4.1)
    pry (0.13.1)
      coderay (~> 1.1)
      method_source (~> 1.0)
    rainbow (3.0.0)
    regexp_parser (2.0.0)
    rexml (3.2.4)
    rgl (0.5.6)
      lazy_priority_queue (~> 0.1.0)
      stream (~> 0.5.2)
    rubocop (1.5.2)
      parallel (~> 1.10)
      parser (>= 2.7.1.5)
      rainbow (>= 2.2.2, < 4.0)
      regexp_parser (>= 1.8, < 3.0)
      rexml
      rubocop-ast (>= 1.2.0, < 2.0)
      ruby-progressbar (~> 1.7)
      unicode-display_width (>= 1.4.0, < 2.0)
    rubocop-ast (1.3.0)
      parser (>= 2.7.1.5)
    ruby-progressbar (1.10.1)
    stream (0.5.2)
    unicode-display_width (1.7.0)

PLATFORMS
  ruby

DEPENDENCIES
  overcommit (~> 0.57.0)
  pry (~> 0.13.1)
  rgl (~> 0.5.6)
  rubocop (~> 1.5)

BUNDLED WITH
   2.1.4
